PATH
  remote: ../darwinning
  specs:
    darwinning (0.0.3)

GEM
  remote: https://rubygems.org/
  specs:

PLATFORMS
  ruby

DEPENDENCIES
  darwinning!
